GEM
  remote: https://rubygems.org/
  specs:
    actionmailer (3.2.13)
      actionpack (= 3.2.13)
      mail (~> 2.5.3)
    actionpack (3.2.13)
      activemodel (= 3.2.13)
      activesupport (= 3.2.13)
      builder (~> 3.0.0)
      erubis (~> 2.7.0)
      journey (~> 1.0.4)
      rack (~> 1.4.5)
      rack-cache (~> 1.2)
      rack-test (~> 0.6.1)
      sprockets (~> 2.2.1)
    activemodel (3.2.13)
      activesupport (= 3.2.13)
      builder (~> 3.0.0)
    activerecord (3.2.13)
      activemodel (= 3.2.13)
      activesupport (= 3.2.13)
      arel (~> 3.0.2)
      tzinfo (~> 0.3.29)
    activeresource (3.2.13)
      activemodel (= 3.2.13)
      activesupport (= 3.2.13)
    activesupport (3.2.13)
      i18n (= 0.6.1)
      multi_json (~> 1.0)
    annotate (2.5.0)
      rake
    arel (3.0.3)
    bcrypt-ruby (3.0.1-x86-mingw32)
    best_in_place (2.1.0)
      jquery-rails
      rails (~> 3.1)
    bootstrap-datepicker-rails (1.1.1.11)
      railties (>= 3.0)
    bootstrap-sass (2.1.0.0)
    bootstrap-will_paginate (0.0.6)
      will_paginate
    builder (3.0.4)
    capybara (2.2.0)
      mime-types (>= 1.16)
      nokogiri (>= 1.3.3)
      rack (>= 1.0.0)
      rack-test (>= 0.5.4)
      xpath (~> 2.0)
    cocoon (1.2.5)
    coffee-rails (3.2.2)
      coffee-script (>= 2.2.0)
      railties (~> 3.2.0)
    coffee-script (2.2.0)
      coffee-script-source
      execjs
    coffee-script-source (1.6.3)
    cucumber (1.3.10)
      builder (>= 2.1.2)
      diff-lcs (>= 1.1.3)
      gherkin (~> 2.12)
      multi_json (>= 1.7.5, < 2.0)
      multi_test (>= 0.0.2)
    cucumber-rails (1.2.1)
      capybara (>= 1.1.2)
      cucumber (>= 1.1.3)
      nokogiri (>= 1.5.0)
    daemons (1.1.9)
    database_cleaner (0.7.0)
    diff-lcs (1.2.5)
    erubis (2.7.0)
    eventmachine (1.0.3-x86-mingw32)
    execjs (2.0.2)
    faker (1.0.1)
      i18n (~> 0.4)
    formtastic (2.2.1)
      actionpack (>= 3.0)
    formtastic-bootstrap (2.1.3)
      formtastic (~> 2.2)
    gherkin (2.12.2-x86-mingw32)
      multi_json (~> 1.3)
    haml (4.0.4)
      tilt
    haml-rails (0.4)
      actionpack (>= 3.1, < 4.1)
      activesupport (>= 3.1, < 4.1)
      haml (>= 3.1, < 4.1)
      railties (>= 3.1, < 4.1)
    hashie (2.0.5)
    hike (1.2.3)
    i18n (0.6.1)
    journey (1.0.4)
    jquery-rails (2.0.2)
      railties (>= 3.2.0, < 5.0)
      thor (~> 0.14)
    json (1.8.1)
    mail (2.5.4)
      mime-types (~> 1.16)
      treetop (~> 1.4.8)
    mime-types (1.25.1)
    mini_portile (0.5.2)
    multi_json (1.8.2)
    multi_test (0.0.2)
    nested_form (0.3.2)
    newrelic_rpm (3.7.1.180)
    nokogiri (1.6.1-x86-mingw32)
      mini_portile (~> 0.5.0)
    omniauth (1.1.4)
      hashie (>= 1.2, < 3)
      rack
    pg (0.17.1-x86-mingw32)
    polyglot (0.3.3)
    rack (1.4.5)
    rack-cache (1.2)
      rack (>= 0.4)
    rack-ssl (1.3.3)
      rack
    rack-test (0.6.2)
      rack (>= 1.0)
    rails (3.2.13)
      actionmailer (= 3.2.13)
      actionpack (= 3.2.13)
      activerecord (= 3.2.13)
      activeresource (= 3.2.13)
      activesupport (= 3.2.13)
      bundler (~> 1.0)
      railties (= 3.2.13)
    railties (3.2.13)
      actionpack (= 3.2.13)
      activesupport (= 3.2.13)
      rack-ssl (~> 1.3.2)
      rake (>= 0.8.7)
      rdoc (~> 3.4)
      thor (>= 0.14.6, < 2.0)
    rake (10.1.0)
    rdoc (3.12.2)
      json (~> 1.4)
    roo (1.13.2)
      nokogiri
      rubyzip
      spreadsheet (> 0.6.4)
    ruby-ole (1.2.11.7)
    rubyzip (1.1.0)
    sass (3.2.13)
    sass-rails (3.2.6)
      railties (~> 3.2.0)
      sass (>= 3.1.10)
      tilt (~> 1.3)
    spreadsheet (0.9.6)
      ruby-ole (>= 1.0)
    sprockets (2.2.2)
      hike (~> 1.2)
      multi_json (~> 1.0)
      rack (~> 1.0)
      tilt (~> 1.1, != 1.3.0)
    sqlite3 (1.3.8-x86-mingw32)
    thin (1.6.1)
      daemons (>= 1.0.9)
      eventmachine (>= 1.0.0)
      rack (>= 1.0.0)
    thor (0.18.1)
    tilt (1.4.1)
    treetop (1.4.15)
      polyglot
      polyglot (>= 0.3.1)
    tzinfo (0.3.38)
    uglifier (2.4.0)
      execjs (>= 0.3.0)
      json (>= 1.8.0)
    will_paginate (3.0.3)
    xpath (2.0.0)
      nokogiri (~> 1.3)

PLATFORMS
  x86-mingw32

DEPENDENCIES
  annotate (= 2.5.0)
  bcrypt-ruby (= 3.0.1)
  best_in_place
  bootstrap-datepicker-rails
  bootstrap-sass (= 2.1)
  bootstrap-will_paginate (= 0.0.6)
  cocoon
  coffee-rails (~> 3.2.1)
  cucumber-rails (= 1.2.1)
  database_cleaner (= 0.7.0)
  faker (= 1.0.1)
  formtastic
  formtastic-bootstrap
  haml
  haml-rails (>= 0.3.4)
  jquery-rails (= 2.0.2)
  nested_form
  newrelic_rpm
  omniauth
  pg
  rails (= 3.2.13)
  rake (= 10.1.0)
  roo
  sass-rails (~> 3.2.3)
  sqlite3
  thin
  uglifier (>= 1.0.3)
  will_paginate (= 3.0.3)
